GEM
  remote: https://rubygems.org/
  specs:
    concurrent-ruby (1.1.7)
    cpf_utils (1.3.1)
    faker (2.13.0)
      i18n (>= 1.6, < 2)
    i18n (1.8.5)
      concurrent-ruby (~> 1.0)

PLATFORMS
  x64-mingw32

DEPENDENCIES
  cpf_utils
  faker

BUNDLED WITH
   1.17.2
